PATH
  remote: .
  specs:
    em-rocketio-linda-client (1.0.0)
      em-rocketio-client
      event_emitter
      eventmachine
      hashie

GEM
  remote: https://rubygems.org/
  specs:
    addressable (2.3.5)
    args_parser (0.2.0)
    backports (3.3.4)
    cookiejar (0.3.0)
    daemons (1.1.9)
    em-cometio-client (0.1.1)
      em-http-request
      event_emitter (>= 0.2.0)
      eventmachine
      json
    em-http-request (1.0.3)
      addressable (>= 2.2.3)
      cookiejar
      em-socksify
      eventmachine (>= 1.0.0.beta.4)
      http_parser.rb (>= 0.5.3)
    em-rocketio-client (0.1.2)
      em-cometio-client
      em-http-request
      em-websocketio-client
      event_emitter
      eventmachine
    em-socksify (0.3.0)
      eventmachine (>= 1.0.0.beta.4)
    em-websocket (0.5.0)
      eventmachine (>= 0.12.9)
      http_parser.rb (~> 0.5.3)
    em-websocket-client (0.1.1)
      eventmachine
      libwebsocket
    em-websocketio-client (0.0.3)
      em-websocket-client
      event_emitter
      eventmachine
      json
    event_emitter (0.2.5)
    eventmachine (1.0.3)
    hashie (2.0.5)
    http_parser.rb (0.5.3)
    httparty (0.11.0)
      multi_json (~> 1.0)
      multi_xml (>= 0.5.2)
    json (1.8.0)
    libwebsocket (0.1.8)
      addressable
      websocket
    linda (0.0.4)
      json
    minitest (5.0.8)
    multi_json (1.8.0)
    multi_xml (0.5.5)
    rack (1.5.2)
    rack-protection (1.5.0)
      rack
    rack-test (0.6.2)
      rack (>= 1.0)
    rake (10.1.0)
    sinatra (1.4.3)
      rack (~> 1.4)
      rack-protection (~> 1.4)
      tilt (~> 1.3, >= 1.3.4)
    sinatra-cometio (0.5.9)
      event_emitter (>= 0.2.5)
      eventmachine (>= 1.0.0)
      httparty
      json (>= 1.7.0)
      sinatra (>= 1.3.0)
      sinatra-contrib (>= 1.3.2)
    sinatra-contrib (1.4.1)
      backports (>= 2.0)
      multi_json
      rack-protection
      rack-test
      sinatra (~> 1.4.0)
      tilt (~> 1.3)
    sinatra-rocketio (0.3.0)
      event_emitter (>= 0.2.5)
      eventmachine (>= 1.0.0)
      hashie
      sinatra
      sinatra-cometio (>= 0.5.9)
      sinatra-websocketio (>= 0.3.7)
    sinatra-rocketio-linda (1.0.0)
      args_parser
      event_emitter
      hashie
      linda (>= 0.0.4)
      sinatra
      sinatra-rocketio (~> 0.3)
    sinatra-websocketio (0.3.7)
      em-websocket (>= 0.5.0)
      event_emitter (>= 0.2.4)
      eventmachine (>= 1.0.0)
      json (>= 1.7.0)
      sinatra (>= 1.3.0)
      sinatra-contrib (>= 1.3.2)
      websocket-client-simple
    thin (1.6.0)
      daemons (>= 1.0.9)
      eventmachine (>= 1.0.0)
      rack (>= 1.5.0)
    tilt (1.4.1)
    websocket (1.1.1)
    websocket-client-simple (0.0.5)
      event_emitter
      websocket

PLATFORMS
  ruby

DEPENDENCIES
  bundler (~> 1.3)
  em-rocketio-linda-client!
  minitest
  rake
  sinatra-rocketio-linda
  thin
